GEM
  remote: https://rubygems.org/
  specs:
    activesupport (7.0.4.1)
      concurrent-ruby (~> 1.0, >= 1.0.2)
      i18n (>= 1.6, < 2)
      minitest (>= 5.1)
      tzinfo (~> 2.0)
    concurrent-ruby (1.1.10)
    connection_pool (2.3.0)
    debug (1.7.1)
    i18n (1.12.0)
      concurrent-ruby (~> 1.0)
    io-console (0.6.0)
    irb (1.6.2)
      reline (>= 0.3.0)
    minitest (5.17.0)
    rack (3.0.4.1)
    redis-client (0.12.1)
      connection_pool
    reline (0.3.2)
      io-console (~> 0.5)
    sidekiq (7.0.3)
      concurrent-ruby (< 2)
      connection_pool (>= 2.3.0)
      rack (>= 2.2.4)
      redis-client (>= 0.11.0)
    tzinfo (2.0.5)
      concurrent-ruby (~> 1.0)
    zeitwerk (2.6.6)

PLATFORMS
  x86_64-linux

DEPENDENCIES
  activesupport (~> 7.0)
  debug
  irb
  redis-client (~> 0.12)
  sidekiq (~> 7.0)
  zeitwerk

RUBY VERSION
   ruby 3.2.0p0

BUNDLED WITH
   2.4.4
