GIT
  remote: https://github.com/sidekiq-scheduler/sidekiq-scheduler.git
  revision: fa293cec9c95ccf6a4e4455b12071b30e664eb07
  specs:
    sidekiq-scheduler (5.0.0.beta2)
      rufus-scheduler (~> 3.2)
      sidekiq (>= 4, < 8)
      tilt (>= 1.4.0)

GEM
  remote: https://rubygems.org/
  specs:
    activesupport (7.0.4.1)
      concurrent-ruby (~> 1.0, >= 1.0.2)
      i18n (>= 1.6, < 2)
      minitest (>= 5.1)
      tzinfo (~> 2.0)
    ast (2.4.2)
    concurrent-ruby (1.1.10)
    connection_pool (2.3.0)
    debug (1.7.1)
    et-orbi (1.2.7)
      tzinfo
    fugit (1.8.0)
      et-orbi (~> 1, >= 1.2.7)
      raabro (~> 1.4)
    i18n (1.12.0)
      concurrent-ruby (~> 1.0)
    io-console (0.6.0)
    irb (1.6.2)
      reline (>= 0.3.0)
    json (2.6.3)
    minitest (5.17.0)
    mustermann (3.0.0)
      ruby2_keywords (~> 0.0.1)
    parallel (1.22.1)
    parser (3.2.0.0)
      ast (~> 2.4.1)
    raabro (1.4.0)
    rack (2.2.6.2)
    rack-protection (3.0.5)
      rack
    rainbow (3.1.1)
    redis-client (0.12.1)
      connection_pool
    regexp_parser (2.6.1)
    reline (0.3.2)
      io-console (~> 0.5)
    rexml (3.2.5)
    rubocop (1.43.0)
      json (~> 2.3)
      parallel (~> 1.10)
      parser (>= 3.2.0.0)
      rainbow (>= 2.2.2, < 4.0)
      regexp_parser (>= 1.8, < 3.0)
      rexml (>= 3.2.5, < 4.0)
      rubocop-ast (>= 1.24.1, < 2.0)
      ruby-progressbar (~> 1.7)
      unicode-display_width (>= 2.4.0, < 3.0)
    rubocop-ast (1.24.1)
      parser (>= 3.1.1.0)
    rubocop-performance (1.15.2)
      rubocop (>= 1.7.0, < 2.0)
      rubocop-ast (>= 0.4.0)
    ruby-progressbar (1.11.0)
    ruby2_keywords (0.0.5)
    rufus-scheduler (3.8.2)
      fugit (~> 1.1, >= 1.1.6)
    sidekiq (7.0.3)
      concurrent-ruby (< 2)
      connection_pool (>= 2.3.0)
      rack (>= 2.2.4)
      redis-client (>= 0.11.0)
    sinatra (3.0.5)
      mustermann (~> 3.0)
      rack (~> 2.2, >= 2.2.4)
      rack-protection (= 3.0.5)
      tilt (~> 2.0)
    tilt (2.0.11)
    tzinfo (2.0.5)
      concurrent-ruby (~> 1.0)
    unicode-display_width (2.4.2)
    webrick (1.7.0)
    zeitwerk (2.6.6)

PLATFORMS
  x86_64-linux

DEPENDENCIES
  activesupport (~> 7.0)
  debug
  irb
  redis-client (~> 0.12)
  rubocop
  rubocop-performance
  sidekiq (~> 7.0)
  sidekiq-scheduler!
  sinatra (~> 3.0)
  webrick (~> 1.7)
  zeitwerk

RUBY VERSION
   ruby 3.2.0p0

BUNDLED WITH
   2.4.4
